GEM
  remote: https://rubygems.org/
  specs:
    colorize (0.8.1)
    minitest (5.9.0)

PLATFORMS
  ruby

DEPENDENCIES
  colorize
  minitest

BUNDLED WITH
   1.13.5
